PATH
  remote: .
  specs:
    textpow (1.3.1)
      plist (>= 3.0.1)

GEM
  remote: https://rubygems.org/
  specs:
    bump (0.3.9)
    diff-lcs (1.1.3)
    oniguruma (1.1.0)
    plist (3.1.0)
    rack (1.4.5)
    rack-protection (1.5.0)
      rack
    rake (10.0.3)
    rspec (2.12.0)
      rspec-core (~> 2.12.0)
      rspec-expectations (~> 2.12.0)
      rspec-mocks (~> 2.12.0)
    rspec-core (2.12.2)
    rspec-expectations (2.12.1)
      diff-lcs (~> 1.1.3)
    rspec-mocks (2.12.2)
    sinatra (1.4.3)
      rack (~> 1.4)
      rack-protection (~> 1.4)
      tilt (~> 1.3, >= 1.3.4)
    tilt (1.4.1)

PLATFORMS
  ruby

DEPENDENCIES
  bump
  oniguruma
  rake
  rspec
  sinatra
  textpow!
